PATH
  remote: .
  specs:
    svgo (1.0.2)
      mini_racer (>= 0.4.0)

GEM
  remote: https://rubygems.org/
  specs:
    coderay (1.1.2)
    libv8-node (15.14.0.1)
    method_source (0.9.0)
    mini_racer (0.4.0)
      libv8-node (~> 15.14.0.0)
    pry (0.11.3)
      coderay (~> 1.1.0)
      method_source (~> 0.9.0)
    rake (12.3.1)

PLATFORMS
  ruby

DEPENDENCIES
  pry
  rake (>= 0.11.3)
  svgo!

BUNDLED WITH
   1.17.3
