PATH
  remote: .
  specs:
    svgo (0.1.5)
      execjs (>= 2.7.0)
      mini_racer (= 0.2.4)

GEM
  remote: https://rubygems.org/
  specs:
    coderay (1.1.2)
    execjs (2.7.0)
    libv8 (6.7.288.46.1-x86_64-linux)
    method_source (0.9.0)
    mini_racer (0.2.4)
      libv8 (>= 6.3)
    pry (0.11.3)
      coderay (~> 1.1.0)
      method_source (~> 0.9.0)
    rake (12.3.1)

PLATFORMS
  ruby

DEPENDENCIES
  pry
  rake (>= 0.11.3)
  svgo!

BUNDLED WITH
   1.16.5
