PATH
  remote: .
  specs:
    svgo (0.1.0)
      execjs (>= 2.7.0)

GEM
  remote: https://rubygems.org/
  specs:
    coderay (1.1.2)
    execjs (2.7.0)
    method_source (0.9.0)
    pry (0.11.3)
      coderay (~> 1.1.0)
      method_source (~> 0.9.0)
    rake (12.3.1)

PLATFORMS
  ruby

DEPENDENCIES
  pry
  rake (>= 0.11.3)
  svgo!

BUNDLED WITH
   1.16.5
