PATH
  remote: .
  specs:
    svgo (0.1.5)
      mini_racer (= 0.2.5)

GEM
  remote: https://rubygems.org/
  specs:
    coderay (1.1.2)
    libv8 (7.3.492.27.1)
    method_source (0.9.0)
    mini_racer (0.2.5)
      libv8 (>= 6.9.411)
    pry (0.11.3)
      coderay (~> 1.1.0)
      method_source (~> 0.9.0)
    rake (13.0.1)

PLATFORMS
  ruby

DEPENDENCIES
  pry
  rake (>= 0.11.3)
  svgo!

BUNDLED WITH
   1.16.5
